FRAMEWORK: NET45
NUGET
  remote: https://www.nuget.org/api/v2
    Alea (3.0.3)
